GEM
  remote: https://rubygems.org/
  specs:
    actionmailer (4.0.13)
      actionpack (= 4.0.13)
      mail (~> 2.5, >= 2.5.4)
    actionpack (4.0.13)
      activesupport (= 4.0.13)
      builder (~> 3.1.0)
      erubis (~> 2.7.0)
      rack (~> 1.5.2)
      rack-test (~> 0.6.2)
    activemodel (4.0.13)
      activesupport (= 4.0.13)
      builder (~> 3.1.0)
    activerecord (4.0.13)
      activemodel (= 4.0.13)
      activerecord-deprecated_finders (~> 1.0.2)
      activesupport (= 4.0.13)
      arel (~> 4.0.0)
    activerecord-deprecated_finders (1.0.4)
    activesupport (4.0.13)
      i18n (~> 0.6, >= 0.6.9)
      minitest (~> 4.2)
      multi_json (~> 1.3)
      thread_safe (~> 0.1)
      tzinfo (~> 0.3.37)
    ansi (1.4.3)
    arel (4.0.2)
    awesome_print (1.1.0)
    better_errors (0.7.2)
      coderay (>= 1.0.0)
      erubis (>= 2.6.6)
    binding_of_caller (0.7.1)
      debug_inspector (>= 0.0.1)
    bootstrap-sass (2.3.1.0)
      sass (~> 3.2)
    builder (3.1.4)
    capybara (2.0.2)
      mime-types (>= 1.16)
      nokogiri (>= 1.3.3)
      rack (>= 1.0.0)
      rack-test (>= 0.5.4)
      selenium-webdriver (~> 2.0)
      xpath (~> 1.0.0)
    capybara_minitest_spec (1.0.0)
      capybara (>= 2)
      minitest (>= 2)
    childprocess (0.3.9)
      ffi (~> 1.0, >= 1.0.11)
    chunky_png (1.2.7)
    coderay (1.0.9)
    coffee-rails (4.2.2)
      coffee-script (>= 2.2.0)
      railties (>= 4.0.0)
    coffee-script (2.4.1)
      coffee-script-source
      execjs
    coffee-script-source (1.12.2)
    compass (0.12.2)
      chunky_png (~> 1.2)
      fssm (>= 0.2.7)
      sass (~> 3.1)
    compass-rails (1.0.3)
      compass (>= 0.12.2, < 0.14)
    concurrent-ruby (1.1.6)
    debug_inspector (0.0.2)
    em-websocket (0.5.0)
      eventmachine (>= 0.12.9)
      http_parser.rb (~> 0.5.3)
    erubis (2.7.0)
    eventmachine (1.0.3)
    execjs (2.7.0)
    faye-websocket (0.4.7)
      eventmachine (>= 0.12.0)
    ffi (1.4.0)
    font-awesome-rails (4.7.0.5)
      railties (>= 3.2, < 6.1)
    fssm (0.2.10)
    guard (1.6.2)
      listen (>= 0.6.0)
      lumberjack (>= 1.0.2)
      pry (>= 0.9.10)
      terminal-table (>= 1.4.3)
      thor (>= 0.14.6)
    guard-bundler (1.0.0)
      bundler (~> 1.0)
      guard (~> 1.1)
    guard-livereload (1.1.3)
      em-websocket (>= 0.2.0)
      guard (>= 1.5.0)
      multi_json (~> 1.0)
    guard-pow (1.0.0)
      guard (>= 1.1)
    guard-shell (0.5.1)
      guard (>= 1.1.0)
    http_parser.rb (0.5.3)
    i18n (0.9.5)
      concurrent-ruby (~> 1.0)
    jquery-rails (3.1.5)
      railties (>= 3.0, < 5.0)
      thor (>= 0.14, < 2.0)
    listen (0.7.3)
    lumberjack (1.0.2)
    mail (2.7.1)
      mini_mime (>= 0.1.1)
    meta_request (0.7.2)
      rack-contrib (>= 1.1, < 3)
      railties (>= 3.0.0, < 7)
    method_source (0.8.1)
    mime-types (3.3.1)
      mime-types-data (~> 3.2015)
    mime-types-data (3.2020.0425)
    mini_mime (1.0.2)
    minitest (4.7.5)
    minitest-focus (1.0.0)
      minitest (~> 4.4)
    minitest-matchers (1.2.0)
      minitest (>= 2.5.0)
    minitest-spec-rails (4.7.11)
      minitest (~> 4.7)
      rails (>= 3.0, < 4.1)
    minitest-wscolor (0.0.3)
      minitest (>= 2.3.1)
    multi_json (1.14.1)
    newrelic_rpm (3.5.8.72)
    nokogiri (1.5.6)
    pg (0.14.1)
    poltergeist (1.1.0)
      capybara (~> 2.0, >= 2.0.1)
      faye-websocket (~> 0.4, >= 0.4.4)
      http_parser.rb (~> 0.5.3)
    pry (0.9.12)
      coderay (~> 1.0.5)
      method_source (~> 0.8)
      slop (~> 3.4)
    puma (1.6.3)
      rack (~> 1.2)
    rack (1.5.5)
    rack-contrib (1.8.0)
      rack (~> 1.4)
    rack-livereload (0.3.11)
      rack
    rack-test (0.6.3)
      rack (>= 1.0)
    rails (4.0.13)
      actionmailer (= 4.0.13)
      actionpack (= 4.0.13)
      activerecord (= 4.0.13)
      activesupport (= 4.0.13)
      bundler (>= 1.3.0, < 2.0)
      railties (= 4.0.13)
      sprockets-rails (~> 2.0)
    railties (4.0.13)
      actionpack (= 4.0.13)
      activesupport (= 4.0.13)
      rake (>= 0.8.7)
      thor (>= 0.18.1, < 2.0)
    rake (13.0.1)
    rb-fsevent (0.9.3)
    rb-inotify (0.10.1)
      ffi (~> 1.0)
    rubyzip (0.9.9)
    sass (3.5.0)
      sass-listen (~> 3.0.7)
    sass-listen (3.0.7)
      rb-fsevent (>= 0.9.3)
      rb-inotify (>= 0.9.7)
    sass-rails (5.0.7)
      railties (>= 4.0.0, < 6)
      sass (~> 3.1)
      sprockets (>= 2.8, < 4.0)
      sprockets-rails (>= 2.0, < 4.0)
      tilt (>= 1.1, < 3)
    selenium-webdriver (2.31.0)
      childprocess (>= 0.2.5)
      multi_json (~> 1.0)
      rubyzip
      websocket (~> 1.0.4)
    slop (3.4.4)
    spring (0.0.7)
    sprockets (3.7.2)
      concurrent-ruby (~> 1.0)
      rack (> 1, < 3)
    sprockets-rails (2.3.3)
      actionpack (>= 3.0)
      activesupport (>= 3.0)
      sprockets (>= 2.8, < 4.0)
    sqlite3 (1.3.7)
    terminal-notifier-guard (1.5.3)
    terminal-table (1.4.5)
    thor (1.0.1)
    thread_safe (0.3.6)
    tilt (2.0.10)
    turn (0.9.6)
      ansi
    tzinfo (0.3.56)
    uglifier (1.3.0)
      execjs (>= 0.3.0)
      multi_json (~> 1.0, >= 1.0.2)
    websocket (1.0.7)
    xpath (1.0.0)
      nokogiri (~> 1.3)

PLATFORMS
  ruby

DEPENDENCIES
  awesome_print
  better_errors
  binding_of_caller
  bootstrap-sass
  capybara
  capybara_minitest_spec
  coffee-rails (>= 4.0.0)
  compass-rails
  font-awesome-rails (>= 3.0.2.0)
  guard-bundler
  guard-livereload
  guard-pow
  guard-shell
  jquery-rails (>= 2.2.1)
  meta_request (>= 0.2.2)
  minitest
  minitest-focus
  minitest-matchers
  minitest-spec-rails (>= 4.3.8)
  minitest-wscolor
  newrelic_rpm
  pg
  poltergeist
  pry
  puma
  rack-livereload
  rails (~> 4.0.0)
  rb-fsevent
  sass-rails (>= 4.0.0)
  spring
  sqlite3
  terminal-notifier-guard
  turn
  uglifier (>= 1.0.3)

BUNDLED WITH
   1.17.3
