GEM
  remote: https://rubygems.org/
  specs:
    actionmailer (3.2.12)
      actionpack (= 3.2.12)
      mail (~> 2.4.4)
    actionpack (3.2.12)
      activemodel (= 3.2.12)
      activesupport (= 3.2.12)
      builder (~> 3.0.0)
      erubis (~> 2.7.0)
      journey (~> 1.0.4)
      rack (~> 1.4.5)
      rack-cache (~> 1.2)
      rack-test (~> 0.6.1)
      sprockets (~> 2.2.1)
    activemodel (3.2.12)
      activesupport (= 3.2.12)
      builder (~> 3.0.0)
    activerecord (3.2.12)
      activemodel (= 3.2.12)
      activesupport (= 3.2.12)
      arel (~> 3.0.2)
      tzinfo (~> 0.3.29)
    activeresource (3.2.12)
      activemodel (= 3.2.12)
      activesupport (= 3.2.12)
    activesupport (3.2.12)
      i18n (~> 0.6)
      multi_json (~> 1.0)
    addressable (2.5.2)
      public_suffix (>= 2.0.2, < 4.0)
    ansi (1.4.3)
    arel (3.0.2)
    awesome_print (1.1.0)
    better_errors (0.7.2)
      coderay (>= 1.0.0)
      erubis (>= 2.6.6)
    binding_of_caller (0.7.1)
      debug_inspector (>= 0.0.1)
    bootstrap-sass (2.3.1.0)
      sass (~> 3.2)
    builder (3.0.4)
    capybara (2.18.0)
      addressable
      mini_mime (>= 0.1.3)
      nokogiri (>= 1.3.3)
      rack (>= 1.0.0)
      rack-test (>= 0.5.4)
      xpath (>= 2.0, < 4.0)
    capybara_minitest_spec (1.0.7)
      capybara (>= 2)
      minitest (>= 4)
    chunky_png (1.2.7)
    cliver (0.3.2)
    coderay (1.0.9)
    coffee-rails (3.2.2)
      coffee-script (>= 2.2.0)
      railties (~> 3.2.0)
    coffee-script (2.2.0)
      coffee-script-source
      execjs
    coffee-script-source (1.6.1)
    compass (0.12.2)
      chunky_png (~> 1.2)
      fssm (>= 0.2.7)
      sass (~> 3.1)
    compass-rails (1.0.3)
      compass (>= 0.12.2, < 0.14)
    debug_inspector (0.0.2)
    em-websocket (0.5.0)
      eventmachine (>= 0.12.9)
      http_parser.rb (~> 0.5.3)
    erubis (2.7.0)
    eventmachine (1.2.7)
    execjs (1.4.0)
      multi_json (~> 1.0)
    font-awesome-rails (3.0.2.0)
      railties (>= 3.1)
    fssm (0.2.10)
    guard (1.6.2)
      listen (>= 0.6....